PATH
  remote: .
  specs:
    cheetah (0.0.4)
      resque
      system_timer

GEM
  remote: http://rubygems.org/
  remote: http://gems.github.com/
  specs:
    ZenTest (4.5.0)
    columnize (0.3.4)
    diff-lcs (1.1.2)
    fakeweb (1.3.0)
    json (1.5.3)
    linecache (0.46)
      rbx-require-relative (> 0.0.4)
    rack (1.3.0)
    rbx-require-relative (0.0.5)
    redis (2.2.1)
    redis-namespace (1.0.3)
      redis (< 3.0.0)
    resque (1.17.1)
      json (>= 1.4.6, < 1.6)
      redis-namespace (~> 1.0.2)
      sinatra (>= 0.9.2)
      vegas (~> 0.1.2)
    rspec (2.6.0)
      rspec-core (~> 2.6.0)
      rspec-expectations (~> 2.6.0)
      rspec-mocks (~> 2.6.0)
    rspec-core (2.6.4)
    rspec-expectations (2.6.0)
      diff-lcs (~> 1.1.2)
    rspec-mocks (2.6.0)
    ruby-debug (0.10.4)
      columnize (>= 0.1)
      ruby-debug-base (~> 0.10.4.0)
    ruby-debug-base (0.10.4)
      linecache (>= 0.3)
    sinatra (1.2.6)
      rack (~> 1.1)
      tilt (>= 1.2.2, < 2.0)
    system_timer (1.2.4)
    tilt (1.3.2)
    vegas (0.1.8)
      rack (>= 1.0.0)

PLATFORMS
  ruby

DEPENDENCIES
  ZenTest
  cheetah!
  fakeweb
  rspec
  ruby-debug
